GEM
  remote: https://rubygems.org/
  specs:
    hashie (3.6.0)
    redcarpet (3.5.1)

PLATFORMS
  ruby

DEPENDENCIES
  hashie
  redcarpet

BUNDLED WITH
   1.16.4
