GEM
  remote: https://rubygems.org/
  specs:
    RedCloth (4.2.9)
    autoprefixer-rails (9.1.3)
      execjs
    bootstrap (4.1.3)
      autoprefixer-rails (>= 6.0.3)
      popper_js (>= 1.12.9, < 2)
      sass (>= 3.5.2)
    coderay (1.1.2)
    execjs (2.7.0)
    ffi (1.9.25)
    gimli (0.5.9)
      RedCloth (~> 4.2.7)
      coderay (~> 1.1)
      github-markup (~> 1.3)
      nokogiri (~> 1.6.3)
      optiflag (~> 0.7)
      redcarpet (~> 3.2)
      wkhtmltopdf-binary (~> 0.9.9.3)
    github-markup (1.7.0)
    hashie (3.6.0)
    mini_portile2 (2.1.0)
    nokogiri (1.6.8.1)
      mini_portile2 (~> 2.1.0)
    optiflag (0.7)
    popper_js (1.14.3)
    rb-fsevent (0.10.3)
    rb-inotify (0.9.10)
      ffi (>= 0.5.0, < 2)
    redcarpet (3.4.0)
    sass (3.5.7)
      sass-listen (~> 4.0.0)
    sass-listen (4.0.0)
      rb-fsevent (~> 0.9, >= 0.9.4)
      rb-inotify (~> 0.9, >= 0.9.7)
    wkhtmltopdf-binary (0.9.9.3)

PLATFORMS
  ruby

DEPENDENCIES
  bootstrap (~> 4.1.3)
  gimli
  hashie
  redcarpet
  sass

BUNDLED WITH
   1.16.4
